PATH
  remote: .
  specs:
    rollout-thrift (0.0.1)
      rack (~> 1.5)
      redis (~> 4.0)
      rollout (~> 2.4)
      thin (~> 1.5)
      thrift (~> 0.10.0)

GEM
  remote: https://rubygems.org/
  specs:
    daemons (1.2.6)
    eventmachine (1.2.5)
    rack (1.6.8)
    redis (4.0.1)
    rollout (2.4.3)
    thin (1.7.2)
      daemons (~> 1.0, >= 1.0.9)
      eventmachine (~> 1.0, >= 1.0.4)
      rack (>= 1, < 3)
    thrift (0.10.0.0)

PLATFORMS
  ruby

DEPENDENCIES
  rollout-thrift!

BUNDLED WITH
   1.16.0
